PATH
  remote: .
  specs:
    fun_translation (0.0.1)
      faraday (~> 2.6)
      zeitwerk (~> 2.4)

GEM
  remote: http://rubygems.org/
  specs:
    addressable (2.8.6)
      public_suffix (>= 2.0.2, < 6.0)
    bigdecimal (3.1.6)
    crack (1.0.0)
      bigdecimal
      rexml
    diff-lcs (1.5.1)
    docile (1.4.0)
    faraday (2.9.0)
      faraday-net_http (>= 2.0, < 3.2)
    faraday-net_http (3.1.0)
      net-http
    hashdiff (1.1.0)
    net-http (0.4.1)
      uri
    public_suffix (5.0.4)
    rexml (3.2.6)
    rspec (3.13.0)
      rspec-core (~> 3.13.0)
      rspec-expectations (~> 3.13.0)
      rspec-mocks (~> 3.13.0)
    rspec-core (3.13.0)
      rspec-support (~> 3.13.0)
    rspec-expectations (3.13.0)
      diff-lcs (>= 1.2.0, < 2.0)
      rspec-support (~> 3.13.0)
    rspec-mocks (3.13.0)
      diff-lcs (>= 1.2.0, < 2.0)
      rspec-support (~> 3.13.0)
    rspec-support (3.13.0)
    simplecov (0.22.0)
      docile (~> 1.1)
      simplecov-html (~> 0.11)
      simplecov_json_formatter (~> 0.1)
    simplecov-html (0.12.3)
    simplecov_json_formatter (0.1.4)
    uri (0.13.0)
    webmock (3.20.0)
      addressable (>= 2.8.0)
      crack (>= 0.3.2)
      hashdiff (>= 0.4.0, < 2.0.0)
    zeitwerk (2.6.13)

PLATFORMS
  arm64-darwin-22
  ruby

DEPENDENCIES
  fun_translation!
  rspec (~> 3.6)
  simplecov (~> 0.16)
  webmock (~> 3.14)

BUNDLED WITH
   2.5.6
